GEM
  remote: https://rubygems.org/
  specs:
    cgi (0.2.0)
    coderay (1.1.3)
    diff-lcs (1.4.4)
    erb (2.2.3)
      cgi
    method_source (1.0.0)
    pry (0.14.0)
      coderay (~> 1.1)
      method_source (~> 1.0)
    rack (2.2.3)
    rspec (3.10.0)
      rspec-core (~> 3.10.0)
      rspec-expectations (~> 3.10.0)
      rspec-mocks (~> 3.10.0)
    rspec-core (3.10.1)
      rspec-support (~> 3.10.0)
    rspec-expectations (3.10.1)
      diff-lcs (>= 1.2.0, < 2.0)
      rspec-support (~> 3.10.0)
    rspec-mocks (3.10.2)
      diff-lcs (>= 1.2.0, < 2.0)
      rspec-support (~> 3.10.0)
    rspec-support (3.10.2)
    tilt (2.0.10)

PLATFORMS
  x64-mingw32

DEPENDENCIES
  erb
  pry
  rack
  rspec
  tilt

BUNDLED WITH
   2.2.15
